GEM
  remote: http://rubygems.org/
  specs:
    bourbon (2.1.0)
      sass (>= 3.1)
    chunky_png (1.2.5)
    compass (0.11.7)
      chunky_png (~> 1.2)
      fssm (>= 0.2.7)
      sass (~> 3.1)
    fssm (0.2.8.1)
    sass (3.1.12)
    simpleserve (0.1.0)

PLATFORMS
  ruby

DEPENDENCIES
  bourbon
  compass
  simpleserve
